STORAGE: NONE
RESTRICTION: || (== netcoreapp3.0) (== netstandard2.0) (== netstandard2.1)
NUGET
  remote: https://api.nuget.org/v3/index.json
    MongoDB.FSharp (0.1)
